GEM
  remote: https://rubygems.org/
  specs:
    dotenv (0.7.0)
    gitlab (3.0.0)
      httparty
    httparty (0.13.0)
      json (~> 1.8)
      multi_xml (>= 0.5.2)
    json (1.8.1)
    multi_xml (0.5.5)
    rugged (0.19.0)

PLATFORMS
  ruby

DEPENDENCIES
  dotenv
  gitlab
  rugged
